PATH
  remote: .
  specs:
    cli_builder (0.1.0.pre)
      sinatra-activerecord (~> 2.0.13)

GEM
  remote: https://rubygems.org/
  specs:
    activemodel (5.2.3)
      activesupport (= 5.2.3)
    activerecord (5.2.3)
      activemodel (= 5.2.3)
      activesupport (= 5.2.3)
      arel (>= 9.0)
    activesupport (5.2.3)
      concurrent-ruby (~> 1.0, >= 1.0.2)
      i18n (>= 0.7, < 2)
      minitest (~> 5.1)
      tzinfo (~> 1.1)
    arel (9.0.0)
    concurrent-ruby (1.1.5)
    diff-lcs (1.3)
    i18n (1.6.0)
      concurrent-ruby (~> 1.0)
    minitest (5.11.3)
    mustermann (1.0.3)
    rack (2.2.3)
    rack-protection (2.0.5)
      rack
    rake (10.4.2)
    rspec (3.8.0)
      rspec-core (~> 3.8.0)
      rspec-expectations (~> 3.8.0)
      rspec-mocks (~> 3.8.0)
    rspec-core (3.8.0)
      rspec-support (~> 3.8.0)
    rspec-expectations (3.8.2)
      diff-lcs (>= 1.2.0, < 2.0)
      rspec-support (~> 3.8.0)
    rspec-mocks (3.8.0)
      diff-lcs (>= 1.2.0, < 2.0)
      rspec-support (~> 3.8.0)
    rspec-support (3.8.0)
    sinatra (2.0.5)
      mustermann (~> 1.0)
      rack (~> 2.0)
      rack-protection (= 2.0.5)
      tilt (~> 2.0)
    sinatra-activerecord (2.0.13)
      activerecord (>= 3.2)
      sinatra (>= 1.0)
    thread_safe (0.3.6)
    tilt (2.0.9)
    tzinfo (1.2.5)
      thread_safe (~> 0.1)

PLATFORMS
  ruby

DEPENDENCIES
  bundler (~> 1.17.3)
  cli_builder!
  rake (~> 10.0)
  rspec (~> 3.0)

BUNDLED WITH
   1.17.3
